GEM
  remote: https://rubygems.org/
  specs:
    haml (4.0.5)
      tilt
    minitest (5.5.1)
    pickup (0.0.9)
    purdytest (2.0.0)
      minitest (~> 5.5)
    rack (1.5.2)
    rack-protection (1.5.3)
      rack
    sinatra (1.4.5)
      rack (~> 1.4)
      rack-protection (~> 1.4)
      tilt (~> 1.3, >= 1.3.4)
    tilt (1.4.1)

PLATFORMS
  ruby
  x64-mingw32
  x86-mingw32

DEPENDENCIES
  haml
  minitest
  pickup
  purdytest
  sinatra
