GEM
  remote: https://rubygems.org/
  specs:
    haml (4.0.6)
      tilt
    json (1.7.7)
    minitest (5.5.1)
    pickup (0.0.10)
    purdytest (2.0.0)
      minitest (~> 5.5)
    rack (1.6.0)
    rack-protection (1.5.3)
      rack
    rack-test (0.6.3)
      rack (>= 1.0)
    sinatra (1.4.5)
      rack (~> 1.4)
      rack-protection (~> 1.4)
      tilt (~> 1.3, >= 1.3.4)
    tilt (1.4.1)

PLATFORMS
  ruby

DEPENDENCIES
  haml
  json
  minitest
  pickup
  purdytest
  rack-test
  sinatra
